GEM
  remote: http://rubygems.org/
  specs:
    datet (0.0.9)
    diff-lcs (1.1.3)
    erubis (2.7.0)
    git (1.2.5)
    http2 (0.0.4)
    i18n (0.6.0)
    jeweler (1.8.4)
      bundler (~> 1.0)
      git (>= 1.2.5)
      rake
      rdoc
    json (1.7.3)
    knjappserver (0.0.25)
      erubis
      knjrbfw
      mail
      tsafe
    knjrbfw (0.0.65)
      datet
      http2
      tsafe
      wref
    mail (2.4.4)
      i18n (>= 0.4.0)
      mime-types (~> 1.16)
      treetop (~> 1.4.8)
    mime-types (1.19)
    polyglot (0.3.3)
    rake (0.9.2.2)
    rdoc (3.12)
      json (~> 1.4)
    rspec (2.8.0)
      rspec-core (~> 2.8.0)
      rspec-expectations (~> 2.8.0)
      rspec-mocks (~> 2.8.0)
    rspec-core (2.8.0)
    rspec-expectations (2.8.0)
      diff-lcs (~> 1.1.2)
    rspec-mocks (2.8.0)
    sqlite3 (1.3.6)
    treetop (1.4.10)
      polyglot
      polyglot (>= 0.3.1)
    tsafe (0.0.1)
    wref (0.0.4)

PLATFORMS
  ruby

DEPENDENCIES
  bundler (>= 1.0.0)
  jeweler (~> 1.8.3)
  knjappserver
  knjrbfw
  rdoc (~> 3.12)
  rspec (~> 2.8.0)
  sqlite3
